GEM
  remote: https://rubygems.org/
  specs:
    backports (3.15.0)
    builder (3.2.3)
    c21e (1.1.9)
    cucumber (4.0.0.rc.1)
      builder (>= 2.1.2)
      cucumber-core (~> 4.0)
      cucumber-expressions (~> 6.0, >= 6.0.1)
      cucumber-formatter-dots (~> 1.0)
      cucumber-wire (~> 1.0)
      diff-lcs (~> 1.3)
      gherkin (~> 6.0)
      multi_json (>= 1.7.5, < 2.0)
      multi_test (>= 0.1.2)
    cucumber-core (4.0.0)
      backports (>= 3.8.0)
      cucumber-tag_expressions (~> 1.1.0)
      gherkin (~> 6.0)
    cucumber-expressions (6.6.2)
    cucumber-formatter-dots (1.1.0)
      cucumber-messages
      os
    cucumber-messages (2.1.2)
      google-protobuf (>= 3.2, <= 3.7)
    cucumber-tag_expressions (1.1.1)
    cucumber-wire (1.0.0)
      cucumber-core (~> 4.0)
      cucumber-expressions (~> 6.0)
    diff-lcs (1.3)
    filewatcher (1.1.1)
      optimist (~> 3.0)
    gherkin (6.0.17)
      c21e (~> 1.1.9)
      cucumber-messages (~> 2.1.2)
    google-protobuf (3.7.0)
    multi_json (1.13.1)
    multi_test (0.1.2)
    optimist (3.0.0)
    os (1.0.1)
    rake (12.3.3)

PLATFORMS
  ruby

DEPENDENCIES
  cucumber (~> 4.0.0.rc.1)
  filewatcher
  rake

BUNDLED WITH
   1.17.2
